GEM
  remote: https://rubygems.org/
  specs:
    capistrano (2.14.2)
      highline
      net-scp (>= 1.0.0)
      net-sftp (>= 2.0.0)
      net-ssh (>= 2.0.14)
      net-ssh-gateway (>= 1.1.0)
    configliere (0.4.18)
      highline (>= 1.5.2)
      multi_json (>= 1.1)
    eventmachine (1.0.0)
    forgery (0.5.0)
    gorillib (0.4.2)
      configliere (>= 0.4.13)
      json
      multi_json (>= 1.1)
    highline (1.6.15)
    json (1.7.7)
    log4r (1.1.10)
    multi_json (1.6.1)
    net-scp (1.1.0)
      net-ssh (>= 2.6.5)
    net-sftp (2.1.1)
      net-ssh (>= 2.6.5)
    net-ssh (2.6.5)
    net-ssh-gateway (1.2.0)
      net-ssh (>= 2.6.5)
    uuidtools (2.1.3)
    vayacondios-client (0.1.2)
      configliere (>= 0.4.16)
      gorillib (~> 0.4.2)
      multi_json (~> 1.1)
    wukong (3.0.0)
      configliere (>= 0.4.18)
      eventmachine
      forgery
      gorillib (>= 0.4.2)
      log4r
      multi_json (>= 1.3.6)
      uuidtools
      vayacondios-client (>= 0.1.2)
    wukong-hadoop (0.1.0)
      wukong (= 3.0.0)

PLATFORMS
  ruby

DEPENDENCIES
  capistrano
  wukong-hadoop
